GEM
  remote: https://rubygems.org/
  specs:
    ast (2.4.2)
    coderay (1.1.3)
    csv (3.2.6)
    date (3.3.3)
    diff-lcs (1.5.0)
    jaro_winkler (1.5.4)
    json (2.6.3)
    method_source (1.0.0)
    mini_portile2 (2.8.1)
    mustermann (3.0.0)
      ruby2_keywords (~> 0.0.1)
    nokogiri (1.14.1)
      mini_portile2 (~> 2.8.0)
      racc (~> 1.4)
    open-uri (0.3.0)
      stringio
      time
      uri
    parallel (1.22.1)
    parser (3.2.0.0)
      ast (~> 2.4.1)
    powerpack (0.1.3)
    pry (0.14.2)
      coderay (~> 1.1)
      method_source (~> 1.0)
    racc (1.6.2)
    rack (2.2.6.2)
    rack-protection (3.0.5)
      rack
    rainbow (3.1.1)
    rspec (3.12.0)
      rspec-core (~> 3.12.0)
      rspec-expectations (~> 3.12.0)
      rspec-mocks (~> 3.12.0)
    rspec-core (3.12.1)
      rspec-support (~> 3.12.0)
    rspec-expectations (3.12.2)
      diff-lcs (>= 1.2.0, < 2.0)
      rspec-support (~> 3.12.0)
    rspec-mocks (3.12.3)
      diff-lcs (>= 1.2.0, < 2.0)
      rspec-support (~> 3.12.0)
    rspec-support (3.12.0)
    rubocop (0.57.2)
      jaro_winkler (~> 1.5.1)
      parallel (~> 1.10)
      parser (>= 2.5)
      powerpack (~> 0.1)
      rainbow (>= 2.2.2, < 4.0)
      ruby-progressbar (~> 1.7)
      unicode-display_width (~> 1.0, >= 1.0.1)
    ruby-progressbar (1.11.0)
    ruby2_keywords (0.0.5)
    sinatra (3.0.5)
      mustermann (~> 3.0)
      rack (~> 2.2, >= 2.2.4)
      rack-protection (= 3.0.5)
      tilt (~> 2.0)
    smarter_csv (1.7.4)
    stringio (3.0.5)
    tilt (2.0.11)
    time (0.2.1)
      date
    unicode-display_width (1.8.0)
    uri (0.12.0)

PLATFORMS
  ruby

DEPENDENCIES
  csv
  json
  nokogiri
  open-uri
  pry (~> 0.14.2)
  rspec
  rubocop (~> 0.57.2)
  sinatra
  smarter_csv

RUBY VERSION
   ruby 2.7.4p191

BUNDLED WITH
   2.1.4
